GIT
  remote: git://github.com/boblail/handlebars.rb.git
  revision: 35c81167efed27bf7edb44d5d46ace4057cea41a
  branch: without_submodules
  specs:
    handlebars (0.0.1)
      multi_json
      therubyracer (~> 0.8.0.pre2)
      yajl-ruby (~> 0.7.8)

GEM
  remote: http://rubygems.org/
  specs:
    liquid (2.2.2)
    multi_json (0.0.5)
    therubyracer (0.8.1.pre2)
    yajl-ruby (0.7.9)

PLATFORMS
  ruby

DEPENDENCIES
  handlebars!
  liquid
  multi_json
