GIT
  remote: git://github.com/cowboyd/handlebars.rb.git
  revision: f308b3acf77f823a08708d23ce0b2a337569331e
  submodules: true
  specs:
    handlebars (0.0.1)
      therubyracer (~> 0.8.0.pre2)

GEM
  remote: http://rubygems.org/
  specs:
    liquid (2.2.2)
    therubyracer (0.8.1.pre1)

PLATFORMS
  ruby

DEPENDENCIES
  handlebars!
  liquid
